GEM
  remote: https://rubygems.org/
  specs:
    coderay (1.1.3)
    json (2.5.1)
    method_source (1.0.0)
    pry (0.14.1)
      coderay (~> 1.1)
      method_source (~> 1.0)
    redis (4.4.0)

PLATFORMS
  ruby

DEPENDENCIES
  json
  pry
  redis

BUNDLED WITH
   2.2.28
